PATH
  remote: .
  specs:
    gunner (0.0.1)

GEM
  specs:
    fakeweb (1.3.0)
    metaclass (0.0.1)
    mocha (0.13.3)
      metaclass (~> 0.0.1)
    rake (10.0.4)

PLATFORMS
  ruby

DEPENDENCIES
  fakeweb
  gunner!
  mocha
  rake
